PATH
  remote: .
  specs:
    corundum (0.0.26)
      bundler
      compass (>= 0.12.1)
      mailfactory (~> 1.4.0)
      mattock (>= 0.4.0)
      nokogiri
      rake-rubygems (>= 0.2.0)
      rdoc
      rspec (>= 2.0)
      sass (>= 3.1)
      simplecov (>= 0.5.4)
      yard

PATH
  remote: ../mattock
  specs:
    mattock (0.4.0)
      tilt (> 0)
      valise (>= 0.9)

GEM
  specs:
    chunky_png (1.2.7)
    columnize (0.3.4)
    compass (0.12.2)
      chunky_png (~> 1.2)
      fssm (>= 0.2.7)
      sass (~> 3.1)
    debugger (1.1.3)
      columnize (>= 0.3.1)
      debugger-linecache (~> 1.1.1)
      debugger-ruby_core_source (~> 1.1.2)
    debugger-linecache (1.1.1)
      debugger-ruby_core_source (>= 1.1.1)
    debugger-ruby_core_source (1.1.2)
    diff-lcs (1.1.3)
    fssm (0.2.10)
    fuubar (1.0.0)
      rspec (~> 2.0)
      rspec-instafail (~> 0.2.0)
      ruby-progressbar (~> 0.0.10)
    json (1.7.7)
    linecache (0.46)
      rbx-require-relative (> 0.0.4)
    mailfactory (1.4.0)
      mime-types (>= 1.13.1)
    mime-types (1.19)
    multi_json (1.6.1)
    nokogiri (1.5.6)
    rake (10.0.3)
    rake-rubygems (0.2.0)
      rake (>= 0.8.7)
    rbx-require-relative (0.0.5)
    rdoc (3.12.2)
      json (~> 1.4)
    redcarpet (2.1.0)
    rspec (2.11.0)
      rspec-core (~> 2.11.0)
      rspec-expectations (~> 2.11.0)
      rspec-mocks (~> 2.11.0)
    rspec-core (2.11.1)
    rspec-expectations (2.11.3)
      diff-lcs (~> 1.1.3)
    rspec-instafail (0.2.4)
    rspec-mocks (2.11.3)
    ruby-debug (0.10.4)
      columnize (>= 0.1)
      ruby-debug-base (~> 0.10.4.0)
    ruby-debug-base (0.10.4)
      linecache (>= 0.3)
    ruby-progressbar (0.0.10)
    sass (3.2.5)
    simplecov (0.7.1)
      multi_json (~> 1.0)
      simplecov-html (~> 0.7.1)
    simplecov-html (0.7.1)
    tilt (1.3.5)
    valise (0.9.0)
    yard (0.8.3)

PLATFORMS
  ruby

DEPENDENCIES
  corundum!
  debugger
  fuubar
  mattock!
  redcarpet
  ruby-debug
