PATH
  remote: .
  specs:
    corundum (0.0.22)
      bundler (>= 1.1.0)
      compass (>= 0.12.1)
      mailfactory (~> 1.4.0)
      mattock (>= 0.2.13)
      nokogiri
      rake-rubygems (>= 0.2.0)
      rdoc
      rspec (>= 2.0)
      sass (>= 3.1)
      simplecov (>= 0.5.4)
      yard

GEM
  remote: http://gemcutter.org/
  specs:
    chunky_png (1.2.6)
    columnize (0.3.4)
    compass (0.12.2)
      chunky_png (~> 1.2)
      fssm (>= 0.2.7)
      sass (~> 3.1)
    debugger (1.1.3)
      columnize (>= 0.3.1)
      debugger-linecache (~> 1.1.1)
      debugger-ruby_core_source (~> 1.1.2)
    debugger-linecache (1.1.1)
      debugger-ruby_core_source (>= 1.1.1)
    debugger-ruby_core_source (1.1.2)
    diff-lcs (1.1.3)
    fssm (0.2.9)
    json (1.7.5)
    linecache (0.46)
      rbx-require-relative (> 0.0.4)
    mailfactory (1.4.0)
      mime-types (>= 1.13.1)
    mattock (0.2.13)
      tilt (> 0)
      valise (>= 0.6)
    mime-types (1.19)
    multi_json (1.3.6)
    nokogiri (1.5.5)
    rake (0.9.2.2)
    rake-rubygems (0.2.0)
      rake (>= 0.8.7)
    rbx-require-relative (0.0.5)
    rdoc (3.12)
      json (~> 1.4)
    redcarpet (2.1.0)
    rspec (2.11.0)
      rspec-core (~> 2.11.0)
      rspec-expectations (~> 2.11.0)
      rspec-mocks (~> 2.11.0)
    rspec-core (2.11.1)
    rspec-expectations (2.11.3)
      diff-lcs (~> 1.1.3)
    rspec-mocks (2.11.2)
    ruby-debug (0.10.4)
      columnize (>= 0.1)
      ruby-debug-base (~> 0.10.4.0)
    ruby-debug-base (0.10.4)
      linecache (>= 0.3)
    sass (3.2.1)
    simplecov (0.6.4)
      multi_json (~> 1.0)
      simplecov-html (~> 0.5.3)
    simplecov-html (0.5.3)
    tilt (1.3.3)
    valise (0.7)
    yard (0.8.2.1)

PLATFORMS
  ruby

DEPENDENCIES
  corundum!
  debugger
  redcarpet
  ruby-debug
